GEM
  remote: http://rubygems.org/
  specs:
    daemons (1.1.9)
    eventmachine (1.0.3)
    rack (2.1.4)
    thin (1.6.2)
      daemons (>= 1.0.9)
      eventmachine (>= 1.0.0)
      rack (>= 1.0.0)
    unified-assets (0.0.1)
      rack

PLATFORMS
  ruby

DEPENDENCIES
  rack
  thin
  unified-assets
